GEM
  remote: http://rubygems.org/
  specs:
    gemcutter (0.7.0)
    rake (0.9.2.2)

PLATFORMS
  ruby

DEPENDENCIES
  bundler (>= 1.0.0)
  gemcutter
  rake
