GEM
  remote: http://rubygems.org/
  specs:
    allison (2.0.3)
    echoe (4.6.3)
      allison (>= 2.0.3)
      gemcutter (>= 0.7.0)
      rake (>= 0.9.2)
      rdoc (>= 3.6.1)
      rubyforge (>= 2.0.4)
    gemcutter (0.7.0)
    json (1.6.1)
    json_pure (1.6.1)
    rake (0.9.2.2)
    rdoc (3.11)
      json (~> 1.4)
    rubyforge (2.0.4)
      json_pure (>= 1.1.7)

PLATFORMS
  ruby

DEPENDENCIES
  bundler (>= 1.0.0)
  echoe
